

GROUP Build
NUGET
  remote: http://www.nuget.org/api/v2
    FAKE (5.0.0-beta010)
    NuGet.CommandLine (4.4.1)
    NUnit.ConsoleRunner (3.7)
