

GROUP Build
NUGET
  remote: http://www.nuget.org/api/v2
    FAKE (4.50)
    NuGet.CommandLine (3.5)
